GEM
  remote: http://rubygems.org/
  specs:
    abroad (1.0.0)
      htmlentities (~> 4.0)
      json-stream (~> 0.0)
      json-write-stream (~> 1.0)
      nokogiri (~> 1.0)
      xml-write-stream (~> 1.0)
      yaml-write-stream (~> 1.0)
    addressable (2.4.0)
    backports (3.6.8)
    faraday (0.9.2)
      multipart-post (>= 1.2, < 3)
    faraday_middleware (0.10.0)
      faraday (>= 0.7.4, < 0.10)
    htmlentities (4.3.4)
    json (1.8.3)
    json-stream (0.2.1)
    json-write-stream (1.0.2)
      json_pure (~> 1.8.0)
    json_pure (1.8.3)
    mime-types (2.99.1)
    mini_portile2 (2.0.0)
    multi_json (1.11.2)
    multipart-post (2.0.0)
    nokogiri (1.6.7.2)
      mini_portile2 (~> 2.0.0.rc2)
    octokit (4.3.0)
      sawyer (~> 0.7.0, >= 0.5.3)
    parseconfig (1.0.8)
    puma (3.3.0)
    rack (1.6.4)
    rack-protection (1.5.3)
      rack
    rack-test (0.6.3)
      rack (>= 1.0)
    rake (11.1.2)
    rubyzip (1.1.2)
    sawyer (0.7.0)
      addressable (>= 2.3.5, < 2.5)
      faraday (~> 0.8, < 0.10)
    sinatra (1.4.7)
      rack (~> 1.5)
      rack-protection (~> 1.4)
      tilt (>= 1.3, < 3)
    sinatra-contrib (1.4.6)
      backports (>= 2.0)
      multi_json
      rack-protection
      rack-test
      sinatra (~> 1.4.0)
      tilt (>= 1.3, < 3)
    tilt (2.0.2)
    txgh (1.0.0)
      abroad (~> 1.0)
      faraday (~> 0.9)
      faraday_middleware (~> 0.10)
      json (~> 1.8)
      mime-types (~> 2.0)
      octokit (~> 4.2)
      parseconfig (~> 1.0)
      rubyzip (>= 1.0, <= 1.1.2)
      sinatra (~> 1.4)
      sinatra-contrib (~> 1.4)
    xml-write-stream (1.1.0)
    yaml-write-stream (1.0.4)

PLATFORMS
  ruby

DEPENDENCIES
  puma (~> 3.0)
  rake
  txgh (~> 1.0)

BUNDLED WITH
   1.11.2
